GEM
  remote: https://rubygems.org/
  specs:
    diff-lcs (1.4.4)
    fakefs (0.20.1)
    httparty (0.18.1)
      mime-types (~> 3.0)
      multi_xml (>= 0.5.2)
    mime-types (3.3.1)
      mime-types-data (~> 3.2015)
    mime-types-data (3.2021.0225)
    mini_portile2 (2.6.1)
    multi_xml (0.6.0)
    nokogiri (1.12.5)
      mini_portile2 (~> 2.6.1)
      racc (~> 1.4)
    nokogiri (1.12.5-java)
      racc (~> 1.4)
    racc (1.5.2)
    racc (1.5.2-java)
    rake (13.0.3)
    rake-release (1.3.0)
      bundler (>= 1.11, < 3)
    rspec (3.10.0)
      rspec-core (~> 3.10.0)
      rspec-expectations (~> 3.10.0)
      rspec-mocks (~> 3.10.0)
    rspec-core (3.10.1)
      rspec-support (~> 3.10.0)
    rspec-expectations (3.10.1)
      diff-lcs (>= 1.2.0, < 2.0)
      rspec-support (~> 3.10.0)
    rspec-mocks (3.10.2)
      diff-lcs (>= 1.2.0, < 2.0)
      rspec-support (~> 3.10.0)
    rspec-support (3.10.2)

PLATFORMS
  java
  ruby

DEPENDENCIES
  fakefs (~> 0.14)
  httparty (~> 0.17)
  nokogiri (~> 1.12)
  rake (~> 13.0)
  rake-release
  rspec (~> 3.10.0)
  rspec-mocks (~> 3.10.0)

RUBY VERSION
   ruby 2.7.0p0

BUNDLED WITH
   2.1.4
