GEM
  remote: https://rubygems.org/
  specs:
    diff-lcs (1.1.3)
    fakefs (0.4.0)
    nokogiri (1.5.5-java)
    rspec (2.11.0)
      rspec-core (~> 2.11.0)
      rspec-expectations (~> 2.11.0)
      rspec-mocks (~> 2.11.0)
    rspec-core (2.11.1)
    rspec-expectations (2.11.3)
      diff-lcs (~> 1.1.3)
    rspec-mocks (2.11.2)

PLATFORMS
  java

DEPENDENCIES
  fakefs (= 0.4.0)
  nokogiri (= 1.5.5)
  rspec (= 2.11.0)
  rspec-mocks (= 2.11.2)
